PATH
  remote: .
  specs:
    better_rest (0.2.4)
      sinatra (~> 1.4, >= 1.4.5)
      typhoeus (~> 0.7.1)
      vegas (~> 0.1, >= 0.1.11)

GEM
  remote: https://rubygems.org/
  specs:
    capybara (2.4.4)
      mime-types (>= 1.16)
      nokogiri (>= 1.3.3)
      rack (>= 1.0.0)
      rack-test (>= 0.5.4)
      xpath (~> 2.0)
    capybara-webkit (1.5.2)
      capybara (>= 2.3.0, < 2.5.0)
      json
    ethon (0.8.0)
      ffi (>= 1.3.0)
    ffi (1.9.10)
    json (1.8.3)
    mime-types (3.0)
      mime-types-data (~> 3.2015)
    mime-types-data (3.2015.1120)
    mini_portile2 (2.0.0)
    minitest (5.8.3)
    nokogiri (1.6.7.1)
      mini_portile2 (~> 2.0.0.rc2)
    rack (1.6.4)
    rack-protection (1.5.3)
      rack
    rack-test (0.6.3)
      rack (>= 1.0)
    rake (10.4.2)
    sinatra (1.4.6)
      rack (~> 1.4)
      rack-protection (~> 1.4)
      tilt (>= 1.3, < 3)
    tilt (2.0.2)
    typhoeus (0.7.3)
      ethon (>= 0.7.4)
    vegas (0.1.11)
      rack (>= 1.0.0)
    xpath (2.0.0)
      nokogiri (~> 1.3)

PLATFORMS
  ruby

DEPENDENCIES
  better_rest!
  bundler (~> 1.7)
  capybara (~> 2.4.4)
  capybara-webkit (~> 1.5.1)
  minitest
  rack-test (~> 0.6.3)
  rake (~> 10.0)
  tilt

BUNDLED WITH
   1.10.6
