PATH
  remote: .
  specs:
    better_rest (0.2.4)
      sinatra (~> 1.4, >= 1.4.5)
      typhoeus (~> 0.7.1)
      vegas (~> 0.1, >= 0.1.11)

GEM
  remote: https://rubygems.org/
  specs:
    capybara (2.4.4)
      mime-types (>= 1.16)
      nokogiri (>= 1.3.3)
      rack (>= 1.0.0)
      rack-test (>= 0.5.4)
      xpath (~> 2.0)
    capybara-webkit (1.5.1)
      capybara (>= 2.3.0, < 2.5.0)
      json
    ethon (0.7.3)
      ffi (>= 1.3.0)
    ffi (1.9.8)
    json (1.8.2)
    mime-types (2.5)
    mini_portile (0.6.2)
    minitest (5.6.1)
    nokogiri (1.6.6.2)
      mini_portile (~> 0.6.0)
    rack (1.5.2)
    rack-protection (1.5.3)
      rack
    rack-test (0.6.3)
      rack (>= 1.0)
    rake (10.3.2)
    sinatra (1.4.6)
      rack (~> 1.4)
      rack-protection (~> 1.4)
      tilt (>= 1.3, < 3)
    tilt (1.4.1)
    typhoeus (0.7.1)
      ethon (>= 0.7.1)
    vegas (0.1.11)
      rack (>= 1.0.0)
    xpath (2.0.0)
      nokogiri (~> 1.3)

PLATFORMS
  ruby

DEPENDENCIES
  better_rest!
  bundler (~> 1.7)
  capybara (~> 2.4.4)
  capybara-webkit (~> 1.5.1)
  minitest
  rack-test (~> 0.6.3)
  rake (~> 10.0)
  tilt
